GEM
  remote: https://rubygems.org/
  specs:
    rack (2.0.1)
    rack-app (5.11.0)
      rack

PLATFORMS
  ruby

DEPENDENCIES
  rack-app (= 5.11.0)

BUNDLED WITH
   1.14.3
